GEM
  remote: https://rubygems.org/
  specs:
    actioncable (5.0.7.2)
      actionpack (= 5.0.7.2)
      nio4r (>= 1.2, < 3.0)
      websocket-driver (~> 0.6.1)
    actionmailer (5.0.7.2)
      actionpack (= 5.0.7.2)
      actionview (= 5.0.7.2)
      activejob (= 5.0.7.2)
      mail (~> 2.5, >= 2.5.4)
      rails-dom-testing (~> 2.0)
    actionpack (5.0.7.2)
      actionview (= 5.0.7.2)
      activesupport (= 5.0.7.2)
      rack (~> 2.0)
      rack-test (~> 0.6.3)
      rails-dom-testing (~> 2.0)
      rails-html-sanitizer (~> 1.0, >= 1.0.2)
    actionview (5.0.7.2)
      activesupport (= 5.0.7.2)
      builder (~> 3.1)
      erubis (~> 2.7.0)
      rails-dom-testing (~> 2.0)
      rails-html-sanitizer (~> 1.0, >= 1.0.3)
    activejob (5.0.7.2)
      activesupport (= 5.0.7.2)
      globalid (>= 0.3.6)
    activemodel (5.0.7.2)
      activesupport (= 5.0.7.2)
    activerecord (5.0.7.2)
      activemodel (= 5.0.7.2)
      activesupport (= 5.0.7.2)
      arel (~> 7.0)
    activesupport (5.0.7.2)
      concurrent-ruby (~> 1.0, >= 1.0.2)
      i18n (>= 0.7, < 2)
      minitest (~> 5.1)
      tzinfo (~> 1.1)
    airbrussh (1.4.0)
      sshkit (>= 1.6.1, != 1.7.0)
    arel (7.1.4)
    autoprefixer-rails (9.7.4)
      execjs
    axiom-types (0.1.1)
      descendants_tracker (~> 0.0.4)
      ice_nine (~> 0.11.0)
      thread_safe (~> 0.3, >= 0.3.1)
    bcrypt (3.1.13)
    binding_of_caller (0.8.0)
      debug_inspector (>= 0.0.1)
    bootstrap (4.3.1)
      autoprefixer-rails (>= 9.1.0)
      popper_js (>= 1.14.3, < 2)
      sassc-rails (>= 2.0.0)
    bootstrap-wysihtml5-rails (0.3.3.8)
      railties (>= 3.0)
    builder (3.2.4)
    byebug (11.1.0)
    capistrano (3.11.2)
      airbrussh (>= 1.0.0)
      i18n
      rake (>= 10.0.0)
      sshkit (>= 1.9.0)
    capistrano-bundler (1.6.0)
      capistrano (~> 3.1)
    capistrano-rails (1.4.0)
      capistrano (~> 3.1)
      capistrano-bundler (~> 1.1)
    climate_control (0.2.0)
    coercible (1.0.0)
      descendants_tracker (~> 0.0.1)
    coffee-rails (4.1.1)
      coffee-script (>= 2.2.0)
      railties (>= 4.0.0, < 5.1.x)
    coffee-script (2.4.1)
      coffee-script-source
      execjs
    coffee-script-source (1.12.2)
    concurrent-ruby (1.1.5)
    crass (1.0.6)
    debug_inspector (0.0.3)
    descendants_tracker (0.0.4)
      thread_safe (~> 0.3, >= 0.3.1)
    devise (4.7.1)
      bcrypt (~> 3.0)
      orm_adapter (~> 0.1)
      railties (>= 4.1.0)
      responders
      warden (~> 1.2.3)
    elasticsearch (7.4.0)
      elasticsearch-api (= 7.4.0)
      elasticsearch-transport (= 7.4.0)
    elasticsearch-api (7.4.0)
      multi_json
    elasticsearch-model (7.0.0)
      activesupport (> 3)
      elasticsearch (> 1)
      hashie
    elasticsearch-rails (7.0.0)
    elasticsearch-transport (7.4.0)
      faraday
      multi_json
    equalizer (0.0.11)
    erubis (2.7.0)
    execjs (2.7.0)
    faraday (1.0.0)
      multipart-post (>= 1.2, < 3)
    ffi (1.12.1)
    foreman (0.87.0)
    globalid (0.4.2)
      activesupport (>= 4.2.0)
    haml (5.1.2)
      temple (>= 0.8.0)
      tilt
    haml-rails (1.0.0)
      actionpack (>= 4.0.1)
      activesupport (>= 4.0.1)
      haml (>= 4.0.6, < 6.0)
      html2haml (>= 1.0.1)
      railties (>= 4.0.1)
    hashie (4.0.0)
    html2haml (2.2.0)
      erubis (~> 2.7.0)
      haml (>= 4.0, < 6)
      nokogiri (>= 1.6.0)
      ruby_parser (~> 3.5)
    i18n (1.8.2)
      concurrent-ruby (~> 1.0)
    ice_nine (0.11.2)
    inflecto (0.0.2)
    jbuilder (2.9.1)
      activesupport (>= 4.2.0)
    jquery-rails (4.3.5)
      rails-dom-testing (>= 1, < 3)
      railties (>= 4.2.0)
      thor (>= 0.14, < 2.0)
    kgio (2.11.3)
    loofah (2.4.0)
      crass (~> 1.0.2)
      nokogiri (>= 1.5.9)
    mail (2.7.1)
      mini_mime (>= 0.1.1)
    method_source (0.9.2)
    mime-types (3.3.1)
      mime-types-data (~> 3.2015)
    mime-types-data (3.2019.1009)
    mimemagic (0.3.3)
    mini_mime (1.0.2)
    mini_portile2 (2.4.0)
    minitest (5.14.0)
    multi_json (1.14.1)
    multipart-post (2.1.1)
    net-scp (2.0.0)
      net-ssh (>= 2.6.5, < 6.0.0)
    net-ssh (5.2.0)
    nio4r (2.5.2)
    nokogiri (1.10.7)
      mini_portile2 (~> 2.4.0)
    orm_adapter (0.5.0)
    paperclip (5.3.0)
      activemodel (>= 4.2.0)
      activesupport (>= 4.2.0)
      mime-types
      mimemagic (~> 0.3.0)
      terrapin (~> 0.6.0)
    pg (0.18.4)
    popper_js (1.16.0)
    rack (2.1.1)
    rack-test (0.6.3)
      rack (>= 1.0)
    rails (5.0.7.2)
      actioncable (= 5.0.7.2)
      actionmailer (= 5.0.7.2)
      actionpack (= 5.0.7.2)
      actionview (= 5.0.7.2)
      activejob (= 5.0.7.2)
      activemodel (= 5.0.7.2)
      activerecord (= 5.0.7.2)
      activesupport (= 5.0.7.2)
      bundler (>= 1.3.0)
      railties (= 5.0.7.2)
      sprockets-rails (>= 2.0.0)
    rails-dom-testing (2.0.3)
      activesupport (>= 4.2.0)
      nokogiri (>= 1.6)
    rails-html-sanitizer (1.3.0)
      loofah (~> 2.3)
    railties (5.0.7.2)
      actionpack (= 5.0.7.2)
      activesupport (= 5.0.7.2)
      method_source
      rake (>= 0.8.7)
      thor (>= 0.18.1, < 2.0)
    raindrops (0.19.1)
    rake (13.0.1)
    rb-fsevent (0.10.3)
    rb-inotify (0.10.1)
      ffi (~> 1.0)
    rdoc (6.2.1)
    responders (3.0.0)
      actionpack (>= 5.0)
      railties (>= 5.0)
    ruby_parser (3.14.1)
      sexp_processor (~> 4.9)
    rvm-capistrano (1.5.0)
      capistrano (>= 2.15.4)
    sass (3.7.4)
      sass-listen (~> 4.0.0)
    sass-listen (4.0.0)
      rb-fsevent (~> 0.9, >= 0.9.4)
      rb-inotify (~> 0.9, >= 0.9.7)
    sass-rails (5.0.7)
      railties (>= 4.0.0, < 6)
      sass (~> 3.1)
      sprockets (>= 2.8, < 4.0)
      sprockets-rails (>= 2.0, < 4.0)
      tilt (>= 1.1, < 3)
    sassc (2.2.1)
      ffi (~> 1.9)
    sassc-rails (2.1.2)
      railties (>= 4.0.0)
      sassc (>= 2.0)
      sprockets (> 3.0)
      sprockets-rails
      tilt
    sdoc (1.0.0)
      rdoc (>= 5.0)
    sexp_processor (4.13.0)
    social-share-button (1.2.1)
      coffee-rails
    spring (2.1.0)
    sprockets (3.7.2)
      concurrent-ruby (~> 1.0)
      rack (> 1, < 3)
    sprockets-rails (3.2.1)
      actionpack (>= 4.0)
      activesupport (>= 4.0)
      sprockets (>= 3.0.0)
    sshkit (1.20.0)
      net-scp (>= 1.1.2)
      net-ssh (>= 2.8.0)
    telegram-bot-ruby (0.11.0)
      faraday
      inflecto
      virtus
    temple (0.8.2)
    terrapin (0.6.0)
      climate_control (>= 0.0.3, < 1.0)
    thor (1.0.1)
    thread_safe (0.3.6)
    tilt (2.0.10)
    turbolinks (5.2.1)
      turbolinks-source (~> 5.2)
    turbolinks-source (5.2.0)
    tzinfo (1.2.6)
      thread_safe (~> 0.1)
    uglifier (4.2.0)
      execjs (>= 0.3.0, < 3)
    unicorn (5.5.2)
      kgio (~> 2.6)
      raindrops (~> 0.7)
    virtus (1.0.5)
      axiom-types (~> 0.1)
      coercible (~> 1.0)
      descendants_tracker (~> 0.0, >= 0.0.3)
      equalizer (~> 0.0, >= 0.0.9)
    warden (1.2.8)
      rack (>= 2.0.6)
    web-console (2.3.0)
      activemodel (>= 4.0)
      binding_of_caller (>= 0.7.2)
      railties (>= 4.0)
      sprockets-rails (>= 2.0, < 4.0)
    websocket-driver (0.6.5)
      websocket-extensions (>= 0.1.0)
    websocket-extensions (0.1.4)

PLATFORMS
  ruby

DEPENDENCIES
  bootstrap (~> 4.3.1)
  bootstrap-wysihtml5-rails
  byebug
  capistrano (~> 3.6)
  capistrano-bundler
  capistrano-rails
  coffee-rails (~> 4.1.0)
  devise
  elasticsearch-model
  elasticsearch-rails
  foreman
  haml-rails (~> 1.0.0)
  jbuilder (~> 2.0)
  jquery-rails
  paperclip (~> 5.1)
  pg (~> 0.18.4)
  rails
  rvm-capistrano
  sass-rails (~> 5.0)
  sdoc (>= 0.4.0)
  social-share-button
  spring
  telegram-bot-ruby (~> 0.11.0)
  turbolinks
  uglifier (>= 1.3.0)
  unicorn
  web-console (~> 2.0)

BUNDLED WITH
   2.1.4
